PATH
  remote: .
  specs:
    gazette (0.2.1)
      bluecloth (> 2.0.0)
      yard (> 0.6.0)

GEM
  remote: http://rubygems.org/
  specs:
    bluecloth (2.0.9)
    diff-lcs (1.1.2)
    rake (0.8.7)
    rcov (0.9.9)
    rspec (2.4.0)
      rspec-core (~> 2.4.0)
      rspec-expectations (~> 2.4.0)
      rspec-mocks (~> 2.4.0)
    rspec-core (2.4.0)
    rspec-expectations (2.4.0)
      diff-lcs (~> 1.1.2)
    rspec-mocks (2.4.0)
    yard (0.6.1)

PLATFORMS
  ruby

DEPENDENCIES
  bluecloth (> 2.0.0)
  gazette!
  rake
  rcov (~> 0.9.0)
  rspec (~> 2.4.0)
  yard (> 0.6.0)
