GEM
  remote: http://rubygems.org/
  specs:
    fakeweb (1.2.8)
    gemcutter (0.6.1)
    git (1.2.5)
    jeweler (1.4.0)
      gemcutter (>= 0.1.0)
      git (>= 1.2.5)
      rubyforge (>= 2.0.0)
    json_pure (1.4.6)
    rake (0.8.7)
    rcov (0.9.9)
    rspec (1.3.0)
    rubyforge (2.0.4)
      json_pure (>= 1.1.7)
    yard (0.6.1)

PLATFORMS
  ruby

DEPENDENCIES
  fakeweb
  jeweler
  rake
  rcov
  rspec
  yard
